GEM
  remote: https://rubygems.org/
  specs:
    aasm (5.4.0)
      concurrent-ruby (~> 1.0)
    activemodel (7.0.4)
      activesupport (= 7.0.4)
    activerecord (7.0.4)
      activemodel (= 7.0.4)
      activesupport (= 7.0.4)
    activesupport (7.0.4)
      concurrent-ruby (~> 1.0, >= 1.0.2)
      i18n (>= 1.6, < 2)
      minitest (>= 5.1)
      tzinfo (~> 2.0)
    axiom-types (0.1.1)
      descendants_tracker (~> 0.0.4)
      ice_nine (~> 0.11.0)
      thread_safe (~> 0.3, >= 0.3.1)
    bugsnag (6.25.0)
      concurrent-ruby (~> 1.0)
    childprocess (4.1.0)
    coderay (1.1.3)
    coercible (1.0.0)
      descendants_tracker (~> 0.0.1)
    concurrent-ruby (1.1.10)
    descendants_tracker (0.0.4)
      thread_safe (~> 0.3, >= 0.3.1)
    dry-inflector (1.0.0)
    faraday (2.7.1)
      faraday-net_http (>= 2.0, < 3.1)
      ruby2_keywords (>= 0.0.4)
    faraday-follow_redirects (0.3.0)
      faraday (>= 1, < 3)
    faraday-multipart (1.0.4)
      multipart-post (~> 2)
    faraday-net_http (3.0.2)
    i18n (1.12.0)
      concurrent-ruby (~> 1.0)
    ice_nine (0.11.2)
    method_source (1.0.0)
    minitest (5.16.3)
    minitest-hooks (1.5.0)
      minitest (> 5.3)
    multipart-post (2.2.3)
    pg (1.4.2)
    pry (0.14.1)
      coderay (~> 1.1)
      method_source (~> 1.0)
    rake (13.0.6)
    regexp_parser (2.6.1)
    rexml (3.2.5)
    ruby2_keywords (0.0.5)
    rubyzip (2.3.2)
    selenium-webdriver (4.3.0)
      childprocess (>= 0.5, < 5.0)
      rexml (~> 3.2, >= 3.2.5)
      rubyzip (>= 1.2.2, < 3.0)
      websocket (~> 1.0)
    telegram-bot-ruby (0.23.0)
      dry-inflector
      faraday (~> 2.0)
      faraday-multipart (~> 1.0)
      virtus (~> 2.0)
    thread_safe (0.3.6)
    two_captcha (1.8.0)
    tzinfo (2.0.5)
      concurrent-ruby (~> 1.0)
    virtus (2.0.0)
      axiom-types (~> 0.1)
      coercible (~> 1.0)
      descendants_tracker (~> 0.0, >= 0.0.3)
    watir (7.1.0)
      regexp_parser (>= 1.2, < 3)
      selenium-webdriver (~> 4.0)
    watir-get-image-content (0.0.4)
      watir
    websocket (1.2.9)

PLATFORMS
  aarch64-linux
  x86_64-linux

DEPENDENCIES
  aasm
  activerecord
  bugsnag
  faraday-follow_redirects
  i18n
  minitest-hooks
  pg (= 1.4.2)
  pry
  rake
  selenium-webdriver (= 4.3.0)
  telegram-bot-ruby
  two_captcha
  watir
  watir-get-image-content

BUNDLED WITH
   2.3.26
